GEM
  remote: https://rubygems.org/
  specs:
    sqlite3 (1.4.2)

PLATFORMS
  x86_64-linux

DEPENDENCIES
  sqlite3 (~> 1.4, >= 1.4.2)

BUNDLED WITH
   2.3.7
